GEM
  remote: https://rubygems.org/
  specs:
    activesupport (4.2.6)
      i18n (~> 0.7)
      json (~> 1.7, >= 1.7.7)
      minitest (~> 5.1)
      thread_safe (~> 0.3, >= 0.3.4)
      tzinfo (~> 1.1)
    ast (2.2.0)
    atoulme-Antwrap (0.7.5)
      rjb (>= 1.0.3)
    binding_of_caller (0.7.2)
      debug_inspector (>= 0.0.1)
    builder (3.2.2)
    buildr (1.4.24)
      atoulme-Antwrap (= 0.7.5)
      builder (= 3.2.2)
      bundler
      diff-lcs (= 1.2.4)
      hoe (= 3.7.1)
      json_pure (= 1.8.0)
      minitar (= 0.5.4)
      net-sftp (= 2.1.2)
      net-ssh (= 2.7.0)
      orderedhash (= 0.0.6)
      rake (= 0.9.2.2)
      rjb (= 1.5.1)
      rubyzip (= 0.9.9)
      xml-simple (= 1.1.2)
    buildr-findBugs (0.1.1)
      buildr (>= 1.4.0)
    byebug (8.2.4)
    coderay (1.1.1)
    debug_inspector (0.0.2)
    diff-lcs (1.2.4)
    digest-murmurhash (1.1.1)
    hoe (3.7.1)
      rake (>= 0.8, < 11.0)
    httpclient (2.7.1)
    i18n (0.7.0)
    json (1.8.3)
    json_pure (1.8.0)
    method_source (0.8.2)
    mime-types (1.25.1)
    minitar (0.5.4)
    minitest (5.8.4)
    net-sftp (2.1.2)
      net-ssh (>= 2.6.5)
    net-ssh (2.7.0)
    oauth (0.5.1)
    orderedhash (0.0.6)
    parallel (1.8.0)
    parallel_tests (2.5.0)
      parallel
    parser (2.3.0.7)
      ast (~> 2.2)
    pmd (1.0.1)
    powerpack (0.1.1)
    pry (0.10.3)
      coderay (~> 1.1.0)
      method_source (~> 0.8.1)
      slop (~> 3.4)
    pry-byebug (3.3.0)
      byebug (~> 8.0)
      pry (~> 0.10)
    pry-stack_explorer (0.4.9.2)
      binding_of_caller (>= 0.7)
      pry (>= 0.9.11)
    rainbow (2.1.0)
    rake (0.9.2.2)
    rest-client (1.6.9)
      mime-types (~> 1.16)
    rjb (1.5.1)
    rspec (3.4.0)
      rspec-core (~> 3.4.0)
      rspec-expectations (~> 3.4.0)
      rspec-mocks (~> 3.4.0)
    rspec-core (3.4.4)
      rspec-support (~> 3.4.0)
    rspec-expectations (3.4.0)
      diff-lcs (>= 1.2.0, < 2.0)
      rspec-support (~> 3.4.0)
    rspec-mocks (3.4.1)
      diff-lcs (>= 1.2.0, < 2.0)
      rspec-support (~> 3.4.0)
    rspec-support (3.4.1)
    rubocop (0.36.0)
      parser (>= 2.3.0.0, < 3.0)
      powerpack (~> 0.1)
      rainbow (>= 1.99.1, < 3.0)
      ruby-progressbar (~> 1.7)
    ruby-progressbar (1.7.5)
    rubyzip (0.9.9)
    slop (3.6.0)
    stringex (2.6.0)
    thread_safe (0.3.5)
    tzinfo (1.2.2)
      thread_safe (~> 0.1)
    webrick (1.3.1)
    xml-simple (1.1.2)

PLATFORMS
  ruby

DEPENDENCIES
  activesupport (~> 4.2)
  builder
  buildr (= 1.4.24)
  buildr-findBugs
  digest-murmurhash
  httpclient
  mime-types (~> 1.25.0)
  oauth
  parallel_tests
  pmd
  pry
  pry-byebug
  pry-stack_explorer
  rest-client (~> 1.6.0)
  rspec (~> 3.0)
  rubocop (= 0.36.0)
  stringex
  webrick

BUNDLED WITH
   1.12.5
