GEM
  remote: https://rubygems.org/
  specs:
    activesupport (4.2.8)
      i18n (~> 0.7)
      minitest (~> 5.1)
      thread_safe (~> 0.3, >= 0.3.4)
      tzinfo (~> 1.1)
    ast (2.3.0)
    atoulme-Antwrap (0.7.5)
      rjb (>= 1.0.3)
    binding_of_caller (0.7.2)
      debug_inspector (>= 0.0.1)
    builder (3.2.2)
    buildr (1.5.3)
      atoulme-Antwrap (= 0.7.5)
      builder (= 3.2.2)
      bundler
      diff-lcs (= 1.2.5)
      json_pure (= 1.8.3)
      minitar (= 0.5.4)
      net-sftp (= 2.1.2)
      net-ssh (= 3.1.1)
      rake (= 0.9.2.2)
      rjb (= 1.5.4)
      rubyzip (= 1.2.0)
      xml-simple (= 1.1.5)
    buildr-findBugs (0.1.1)
      buildr (>= 1.4.0)
    byebug (9.0.6)
    coderay (1.1.1)
    debug_inspector (0.0.3)
    diff-lcs (1.2.5)
    digest-murmurhash (1.1.1)
    httpclient (2.8.3)
    i18n (0.8.4)
    json (2.1.0)
    json_pure (1.8.3)
    method_source (0.8.2)
    mime-types (1.25.1)
    minitar (0.5.4)
    minitest (5.10.2)
    net-sftp (2.1.2)
      net-ssh (>= 2.6.5)
    net-ssh (3.1.1)
    oauth (0.5.3)
    parallel (1.11.2)
    parallel_tests (2.14.1)
      parallel
    parser (2.4.0.0)
      ast (~> 2.2)
    pmd (1.0.1)
    powerpack (0.1.1)
    pry (0.10.4)
      coderay (~> 1.1.0)
      method_source (~> 0.8.1)
      slop (~> 3.4)
    pry-byebug (3.4.2)
      byebug (~> 9.0)
      pry (~> 0.10)
    pry-stack_explorer (0.4.9.2)
      binding_of_caller (>= 0.7)
      pry (>= 0.9.11)
    qpid_proton (0.17.0)
      json
    rainbow (2.2.2)
      rake
    rake (0.9.2.2)
    rest-client (1.6.9)
      mime-types (~> 1.16)
    rjb (1.5.4)
    rspec (3.6.0)
      rspec-core (~> 3.6.0)
      rspec-expectations (~> 3.6.0)
      rspec-mocks (~> 3.6.0)
    rspec-core (3.6.0)
      rspec-support (~> 3.6.0)
    rspec-expectations (3.6.0)
      diff-lcs (>= 1.2.0, < 2.0)
      rspec-support (~> 3.6.0)
    rspec-mocks (3.6.0)
      diff-lcs (>= 1.2.0, < 2.0)
      rspec-support (~> 3.6.0)
    rspec-support (3.6.0)
    rubocop (0.36.0)
      parser (>= 2.3.0.0, < 3.0)
      powerpack (~> 0.1)
      rainbow (>= 1.99.1, < 3.0)
      ruby-progressbar (~> 1.7)
    ruby-progressbar (1.8.1)
    rubyzip (1.2.0)
    slop (3.6.0)
    stringex (2.7.1)
    thread_safe (0.3.6)
    tzinfo (1.2.3)
      thread_safe (~> 0.1)
    webrick (1.3.1)
    xml-simple (1.1.5)

PLATFORMS
  ruby

DEPENDENCIES
  activesupport (~> 4.2)
  builder
  buildr (= 1.5.3)
  buildr-findBugs
  digest-murmurhash
  httpclient
  mime-types (~> 1.25.0)
  oauth
  parallel_tests
  pmd
  pry
  pry-byebug
  pry-stack_explorer
  qpid_proton (~> 0.17.0)
  rest-client (~> 1.6.0)
  rspec (~> 3.0)
  rubocop (= 0.36.0)
  stringex
  webrick

BUNDLED WITH
   1.14.6
