GEM
  remote: http://rubygems.org/
  specs:
    atoulme-Antwrap (0.7.2)
      rjb (>= 1.0.3)
    builder (2.1.2)
    buildr (1.4.7)
      atoulme-Antwrap (~> 0.7.2)
      builder (= 2.1.2)
      diff-lcs (= 1.1.3)
      highline (= 1.6.2)
      hoe (= 2.3.3)
      json_pure (= 1.4.3)
      minitar (= 0.5.3)
      net-sftp (= 2.0.5)
      net-ssh (= 2.3.0)
      rake (= 0.9.2.2)
      rjb (= 1.4.0)
      rspec (= 2.9.0)
      rspec-core (= 2.9.0)
      rspec-expectations (= 2.9.0)
      rspec-mocks (= 2.9.0)
      rubyforge (= 2.0.3)
      rubyzip (= 0.9.4)
      xml-simple (= 1.0.12)
    diff-lcs (1.1.3)
    highline (1.6.2)
    hoe (2.3.3)
      rake (>= 0.8.7)
      rubyforge (>= 1.0.4)
    iconv (1.0.3)
    json_pure (1.4.3)
    mime-types (1.19)
    minitar (0.5.3)
    net-sftp (2.0.5)
      net-ssh (>= 2.0.9)
    net-ssh (2.3.0)
    oauth (0.4.6)
    parallel (0.7.1)
    parallel_tests (0.15.2)
      parallel
    rake (0.9.2.2)
    rest-client (1.6.7)
      mime-types (>= 1.16)
    rjb (1.4.0)
    rspec (2.9.0)
      rspec-core (~> 2.9.0)
      rspec-expectations (~> 2.9.0)
      rspec-mocks (~> 2.9.0)
    rspec-core (2.9.0)
    rspec-expectations (2.9.0)
      diff-lcs (~> 1.1.3)
    rspec-mocks (2.9.0)
    rubyforge (2.0.3)
      json_pure (>= 1.1.7)
    rubyzip (0.9.4)
    xml-simple (1.0.12)

PLATFORMS
  ruby

DEPENDENCIES
  buildr (= 1.4.7)
  iconv
  oauth
  parallel_tests
  rest-client
  rspec
