GEM
  remote: https://rubygems.org/
  specs:
    atoulme-Antwrap (0.7.4)
      rjb (>= 1.0.3)
    builder (3.2.2)
    buildr (1.4.19)
      atoulme-Antwrap (~> 0.7.4)
      builder (= 3.2.2)
      bundler
      diff-lcs (= 1.2.4)
      hoe (= 3.7.1)
      json_pure (= 1.8.0)
      minitar (= 0.5.4)
      net-sftp (= 2.1.2)
      net-ssh (= 2.7.0)
      orderedhash
      rake (= 0.9.2.2)
      rjb (= 1.4.8)
      rspec (= 2.14.1)
      rspec-core (= 2.14.5)
      rspec-expectations (= 2.14.3)
      rspec-mocks (= 2.14.3)
      rubyzip (= 0.9.9)
      xml-simple (= 1.1.2)
    buildr-findBugs (0.1.1)
      buildr (>= 1.4.0)
    diff-lcs (1.2.4)
    hoe (3.7.1)
      rake (>= 0.8, < 11.0)
    json_pure (1.8.0)
    mime-types (1.25.1)
    minitar (0.5.4)
    net-sftp (2.1.2)
      net-ssh (>= 2.6.5)
    net-ssh (2.7.0)
    oauth (0.4.7)
    orderedhash (0.0.6)
    parallel (1.0.0)
    parallel_tests (1.0.0)
      parallel
    pmd (1.0.1)
    rake (0.9.2.2)
    rest-client (1.6.7)
      mime-types (>= 1.16)
    rjb (1.4.8)
    rspec (2.14.1)
      rspec-core (~> 2.14.0)
      rspec-expectations (~> 2.14.0)
      rspec-mocks (~> 2.14.0)
    rspec-core (2.14.5)
    rspec-expectations (2.14.3)
      diff-lcs (>= 1.1.3, < 2.0)
    rspec-mocks (2.14.3)
    rubyzip (0.9.9)
    stringex (2.5.2)
    xml-simple (1.1.2)

PLATFORMS
  ruby

DEPENDENCIES
  builder
  buildr (= 1.4.19)
  buildr-findBugs
  mime-types (~> 1.25.0)
  oauth
  parallel_tests
  pmd
  rest-client (~> 1.6.0)
  rspec
  stringex
